GEM
  remote: https://rubygems.org/
  specs:
    addressable (2.3.8)
    coderay (1.1.0)
    faraday (0.9.1)
      multipart-post (>= 1.2, < 3)
    faraday_middleware (0.9.2)
      faraday (>= 0.7.4, < 0.10)
    faraday_middleware-parse_oj (0.3.0)
      faraday (~> 0.9.0)
      faraday_middleware (~> 0.9.1)
      oj (~> 2.0)
    giphy (2.0.2)
      faraday (~> 0.9)
      faraday_middleware (~> 0.9)
      faraday_middleware-parse_oj (~> 0.3)
      launchy (~> 2.4)
    haml (4.0.7)
      tilt
    hashie (3.4.2)
    jsmin (1.0.1)
    launchy (2.4.3)
      addressable (~> 2.3)
    method_source (0.8.2)
    multi_json (1.11.2)
    multipart-post (2.0.0)
    oj (2.12.12)
    pry (0.10.1)
      coderay (~> 1.1.0)
      method_source (~> 0.8.1)
      slop (~> 3.4)
    rack (1.6.4)
    rack-protection (1.5.3)
      rack
    rack-test (0.6.3)
      rack (>= 1.0)
    sass (3.4.16)
    sinatra (1.4.6)
      rack (~> 1.4)
      rack-protection (~> 1.4)
      tilt (>= 1.3, < 3)
    sinatra-assetpack (0.3.3)
      jsmin
      rack-test
      sinatra
      tilt (>= 1.3.0, < 2.0)
    slop (3.6.0)
    tilt (1.4.1)
    toggl_api (0.0.2)
      faraday
      hashie
      multi_json

PLATFORMS
  ruby

DEPENDENCIES
  giphy
  haml
  pry
  sass
  sinatra
  sinatra-assetpack
  tilt (< 2.0.0)
  toggl_api

BUNDLED WITH
   1.10.6
